GEM
  remote: https://rubygems.org/
  specs:
    builder (3.2.2)
    byebug (11.1.3)
    diff-lcs (1.2.5)
    power_assert (1.1.1)
    rake (10.1.0)
    rspec (2.14.1)
      rspec-core (~> 2.14.0)
      rspec-expectations (~> 2.14.0)
      rspec-mocks (~> 2.14.0)
    rspec-core (2.14.7)
    rspec-expectations (2.14.4)
      diff-lcs (>= 1.1.3, < 2.0)
    rspec-mocks (2.14.4)
    test-unit (3.2.7)
      power_assert

PLATFORMS
  ruby

DEPENDENCIES
  builder
  byebug
  rake
  rspec
  test-unit

BUNDLED WITH
   1.16.1
